GIT
  remote: git://github.com/eric/metriks-librato_metrics.git
  revision: 2c124f024fd2e34378260cd24b0e8687ff9bd196
  specs:
    metriks-librato_metrics (1.0.5)
      metriks (>= 0.9.9.6)

GIT
  remote: git://github.com/final-ci/travis-support.git
  revision: b3c9731ad3495ac00b4e41d90433e8b99a972af6
  specs:
    travis-support (0.0.1)

GIT
  remote: git://github.com/lksv/rack-parser.git
  revision: 706ae38a8e8205577a3fb320e1bec9b8fcc1259c
  branch: fix_json_array
  specs:
    rack-parser (0.6.1)
      rack

PATH
  remote: .
  specs:
    travis-guest-api (0.0.1)
      multi_json
      rake
      travis-config (~> 0.1.0)

GEM
  remote: https://rubygems.org/
  specs:
    activesupport (4.2.6)
      i18n (~> 0.7)
      json (~> 1.7, >= 1.7.7)
      minitest (~> 5.1)
      thread_safe (~> 0.3, >= 0.3.4)
      tzinfo (~> 1.1)
    addressable (2.3.8)
    amq-protocol (2.0.1)
    atomic (1.1.99)
    atomic (1.1.99-java)
    avl_tree (1.1.3)
    backports (3.6.8)
    bunny (2.3.0)
      amq-protocol (>= 2.0.1)
    codeclimate-test-reporter (0.5.0)
      simplecov (>= 0.7.1, < 1.0.0)
    coderay (1.1.1)
    database_cleaner (1.4.1)
    diff-lcs (1.2.5)
    docile (1.1.5)
    factory_girl (2.6.4)
      activesupport (>= 2.3.9)
    faraday (0.9.2)
      multipart-post (>= 1.2, < 3)
    ffi (1.9.10-java)
    git-version-bump (0.15.1)
    hashr (0.0.22)
    hitimes (1.2.3)
    hitimes (1.2.3-java)
    i18n (0.7.0)
    json (1.8.3)
    json (1.8.3-java)
    json-schema (2.6.1)
      addressable (~> 2.3.8)
    march_hare (2.7.0-java)
    method_source (0.8.2)
    metriks (0.9.9.6)
      atomic (~> 1.0)
      avl_tree (~> 1.1.2)
      hitimes (~> 1.1)
    mini_portile2 (2.0.0)
    minitest (5.8.4)
    multi_json (1.11.2)
    multipart-post (2.0.0)
    nokogiri (1.6.7.2)
      mini_portile2 (~> 2.0.0.rc2)
    nokogiri (1.6.7.2-java)
    pry (0.10.3)
      coderay (~> 1.1.0)
      method_source (~> 0.8.1)
      slop (~> 3.4)
    pry (0.10.3-java)
      coderay (~> 1.1.0)
      method_source (~> 0.8.1)
      slop (~> 3.4)
      spoon (~> 0.0)
    pry-doc (0.6.0)
      pry (~> 0.9)
      yard (~> 0.8)
    puma (3.0.0)
    puma (3.0.0-java)
    rack (1.6.4)
    rack-contrib (1.4.0)
      git-version-bump (~> 0.15)
      rack (~> 1.4)
    rack-protection (1.5.3)
      rack
    rack-test (0.6.3)
      rack (>= 1.0)
    racksh (1.0.0)
      rack (>= 1.0)
      rack-test (>= 0.5)
    rake (11.1.1)
    redis (3.2.2)
    rspec (3.4.0)
      rspec-core (~> 3.4.0)
      rspec-expectations (~> 3.4.0)
      rspec-mocks (~> 3.4.0)
    rspec-core (3.4.4)
      rspec-support (~> 3.4.0)
    rspec-expectations (3.4.0)
      diff-lcs (>= 1.2.0, < 2.0)
      rspec-support (~> 3.4.0)
    rspec-mocks (3.4.1)
      diff-lcs (>= 1.2.0, < 2.0)
      rspec-support (~> 3.4.0)
    rspec-support (3.4.1)
    simplecov (0.11.2)
      docile (~> 1.1.0)
      json (~> 1.8)
      simplecov-html (~> 0.10.0)
    simplecov-html (0.10.0)
    sinatra (1.4.7)
      rack (~> 1.5)
      rack-protection (~> 1.4)
      tilt (>= 1.3, < 3)
    sinatra-contrib (1.4.6)
      backports (>= 2.0)
      multi_json
      rack-protection
      rack-test
      sinatra (~> 1.4.0)
      tilt (>= 1.3, < 3)
    slop (3.6.0)
    spoon (0.0.4)
      ffi
    thread_safe (0.3.5)
    thread_safe (0.3.5-java)
    tilt (2.0.2)
    travis-config (0.1.4)
      hashr (~> 0.0)
    tzinfo (1.2.2)
      thread_safe (~> 0.1)
    yard (0.8.7.6)

PLATFORMS
  java
  ruby

DEPENDENCIES
  activesupport (~> 4.2.3)
  bunny
  codeclimate-test-reporter
  database_cleaner (~> 1.4.1)
  factory_girl (~> 2.6.0)
  faraday
  json-schema
  march_hare (~> 2.7.0)
  method_source (~> 0.8.2)
  metriks (= 0.9.9.6)
  metriks-librato_metrics!
  multi_json (~> 1.0)
  nokogiri
  pry
  pry-doc (~> 0.6.0)
  puma (= 3.0.0)
  rack-contrib
  rack-parser!
  racksh
  redis (~> 3.2)
  rspec
  sinatra
  sinatra-contrib
  travis-config (~> 0.1.0)
  travis-guest-api!
  travis-support!

BUNDLED WITH
   1.12.4
